NUGET
  remote: https://nuget.org/api/v2
  specs:
    kafka-net (0.9.0.49)
